GEM
  remote: https://rubygems.org/
  specs:
    coderay (1.1.2)
    columnize (0.9.0)
    ffi (1.12.2-java)
    linecache (1.3.1-java)
    method_source (0.9.2)
    nokogiri (1.10.9-java)
    pry (0.11.3-java)
      coderay (~> 1.1.0)
      method_source (~> 0.9.0)
      spoon (~> 0.0)
    pry-debugger-jruby (1.2.1-java)
      pry (>= 0.10, < 0.12)
      ruby-debug-base (~> 0.10.4)
    rake (13.0.1)
    ruby-debug (0.10.6)
      columnize (>= 0.1)
      linecache (~> 1.3.1)
      ruby-debug-base (~> 0.10.6.0)
    ruby-debug-base (0.10.6-java)
    spoon (0.0.6)
      ffi

PLATFORMS
  java

DEPENDENCIES
  nokogiri
  pry-debugger-jruby
  rake
  ruby-debug

RUBY VERSION
   ruby 2.5.7p0 (jruby 9.2.11.1)

BUNDLED WITH
   2.1.4
